GEM
  remote: http://rubygems.org/
  specs:
    blankslate (2.1.2.4)
    diff-lcs (1.1.2)
    flexmock (0.9.0)
    growl (1.0.3)
    guard (0.4.2)
      thor (~> 0.14.6)
    guard-rspec (0.4.0)
      guard (>= 0.4.0)
    json (1.5.3)
    rake (0.9.2)
    rdoc (2.4.3)
    rspec (2.6.0)
      rspec-core (~> 2.6.0)
      rspec-expectations (~> 2.6.0)
      rspec-mocks (~> 2.6.0)
    rspec-core (2.6.4)
    rspec-expectations (2.6.0)
      diff-lcs (~> 1.1.2)
    rspec-mocks (2.6.0)
    sdoc (0.2.20)
      json (>= 1.1.3)
      rdoc (= 2.4.3)
    thor (0.14.6)

PLATFORMS
  ruby

DEPENDENCIES
  blankslate (~> 2)
  flexmock
  growl
  guard
  guard-rspec
  rake
  rspec
  sdoc
