GEM
  remote: http://rubygems.org/
  specs:
    blankslate (2.1.2.3)
    diff-lcs (1.1.2)
    flexmock (0.8.11)
    rspec (2.0.1)
      rspec-core (~> 2.0.1)
      rspec-expectations (~> 2.0.1)
      rspec-mocks (~> 2.0.1)
    rspec-core (2.0.1)
    rspec-expectations (2.0.1)
      diff-lcs (>= 1.1.2)
    rspec-mocks (2.0.1)
      rspec-core (~> 2.0.1)
      rspec-expectations (~> 2.0.1)

PLATFORMS
  ruby

DEPENDENCIES
  blankslate (>= 2.1.2.3)
  flexmock
  rspec
