GEM
  remote: http://rubygems.org/
  specs:
    blankslate (2.1.2.4)
    diff-lcs (1.1.3)
    flexmock (0.9.0)
    growl (1.0.3)
    guard (0.8.8)
      thor (~> 0.14.6)
    guard-rspec (0.5.9)
      guard (>= 0.8.4)
    json (1.6.3)
    rake (0.9.2.2)
    rdoc (3.11)
      json (~> 1.4)
    rspec (2.7.0)
      rspec-core (~> 2.7.0)
      rspec-expectations (~> 2.7.0)
      rspec-mocks (~> 2.7.0)
    rspec-core (2.7.1)
    rspec-expectations (2.7.0)
      diff-lcs (~> 1.1.2)
    rspec-mocks (2.7.0)
    sdoc (0.3.16)
      json (>= 1.1.3)
      rdoc (~> 3.10)
    thor (0.14.6)

PLATFORMS
  ruby

DEPENDENCIES
  blankslate (~> 2)
  flexmock
  growl
  guard
  guard-rspec
  rake
  rdoc
  rspec
  sdoc
