GEM
  remote: http://rubygems.org/
  specs:
    autotest (4.4.2)
    autotest-fsevent (0.2.3)
      sys-uname
    autotest-growl (0.2.6)
    blankslate (2.1.2.3)
    diff-lcs (1.1.2)
    flexmock (0.8.11)
    json (1.4.6)
    rdoc (2.4.3)
    rspec (2.0.1)
      rspec-core (~> 2.0.1)
      rspec-expectations (~> 2.0.1)
      rspec-mocks (~> 2.0.1)
    rspec-core (2.0.1)
    rspec-expectations (2.0.1)
      diff-lcs (>= 1.1.2)
    rspec-mocks (2.0.1)
      rspec-core (~> 2.0.1)
      rspec-expectations (~> 2.0.1)
    sdoc (0.2.20)
      json (>= 1.1.3)
      rdoc (= 2.4.3)
    sys-uname (0.8.4)

PLATFORMS
  ruby

DEPENDENCIES
  autotest
  autotest-fsevent
  autotest-growl
  blankslate (>= 2.1.2.3)
  flexmock
  rspec
  sdoc
